GEM
  remote: https://rubygems.org/
  specs:
    curb (0.9.0)
    diff-lcs (1.2.5)
    dotenv (2.0.2)
    dotenv-schema (0.0.1)
      dotenv
    rspec (3.4.0)
      rspec-core (~> 3.4.0)
      rspec-expectations (~> 3.4.0)
      rspec-mocks (~> 3.4.0)
    rspec-core (3.4.1)
      rspec-support (~> 3.4.0)
    rspec-expectations (3.4.0)
      diff-lcs (>= 1.2.0, < 2.0)
      rspec-support (~> 3.4.0)
    rspec-mocks (3.4.0)
      diff-lcs (>= 1.2.0, < 2.0)
      rspec-support (~> 3.4.0)
    rspec-support (3.4.1)
    slack-notifier (1.5.1)
    thor (0.19.1)

PLATFORMS
  ruby

DEPENDENCIES
  curb (~> 0.9.0)
  dotenv-schema (~> 0.0.1)
  rspec
  slack-notifier (~> 1.5, >= 1.5.1)
  thor (~> 0.19.1)
