GEM
  remote: https://rubygems.org/
  specs:
    curb (0.9.0)
    dotenv (2.0.2)
    dotenv-schema (0.0.1)
      dotenv
    slack-notifier (1.5.1)
    thor (0.19.1)

PLATFORMS
  ruby

DEPENDENCIES
  curb (~> 0.9.0)
  dotenv-schema (~> 0.0.1)
  slack-notifier (~> 1.5, >= 1.5.1)
  thor (~> 0.19.1)
